GEM
  remote: https://rubygems.org/
  specs:
    addressable (2.4.0)
    cf-uaa-lib (3.2.5)
      multi_json
    cf-uaac (3.1.7)
      cf-uaa-lib (~> 3.2.5)
      em-http-request (~> 1.1.2)
      eventmachine (~> 1.0.3)
      highline (~> 1.6.21)
      json_pure (~> 1.8.1)
      launchy (~> 2.4.2)
      rack (~> 1.5.2)
    cookiejar (0.3.0)
    em-http-request (1.1.3)
      addressable (>= 2.3.4)
      cookiejar (<= 0.3.0)
      em-socksify (>= 0.3)
      eventmachine (>= 1.0.3)
      http_parser.rb (>= 0.6.0)
    em-socksify (0.3.1)
      eventmachine (>= 1.0.0.beta.4)
    eventmachine (1.0.4)
    highline (1.6.21)
    http_parser.rb (0.6.0)
    json_pure (1.8.3)
    launchy (2.4.3)
      addressable (~> 2.3)
    multi_json (1.11.2)
    rack (1.5.5)
    rake (10.5.0)

PLATFORMS
  ruby

DEPENDENCIES
  cf-uaac
  eventmachine (= 1.0.4)
  rake

BUNDLED WITH
   1.11.2
